GEM
  remote: https://rubygems.org/
  specs:
    recurly (4.18.0)

PLATFORMS
  x86_64-linux

DEPENDENCIES
  recurly

BUNDLED WITH
   2.3.13
